GIT
  remote: https://github.com/genya0407/ruby-saddler-reporter-github
  revision: 715133be2dcf06d8922fa36b653c7515556cdcc1
  branch: feature/log-octokit-option
  specs:
    saddler-reporter-github (2.1.0)
      env_pull_request (>= 1.0)
      git_diff_parser (>= 2.0, < 5.0)
      octokit
      saddler-reporter-support (>= 1.0)
      saddler-reporter-support-git (>= 1.0)

GEM
  remote: https://rubygems.org/
  specs:
    addressable (2.8.1)
      public_suffix (>= 2.0.2, < 6.0)
    ast (2.4.2)
    env_branch (1.3.0)
    env_pull_request (1.1.0)
      natural_number_string
    faraday (2.6.0)
      faraday-net_http (>= 2.0, < 3.1)
      ruby2_keywords (>= 0.0.4)
    faraday-net_http (3.0.1)
    git (1.12.0)
      addressable (~> 2.8)
      rchardet (~> 1.8)
    git_clone_url (2.0.0)
      uri-ssh_git (>= 2.0)
    git_diff_parser (4.0.0)
    json (2.6.2)
    natural_number_string (1.0.1)
    nori (2.6.0)
    octokit (5.6.1)
      faraday (>= 1, < 3)
      sawyer (~> 0.9)
    parallel (1.22.1)
    parser (3.1.2.1)
      ast (~> 2.4.1)
    public_suffix (5.0.0)
    rainbow (3.1.1)
    rchardet (1.8.0)
    regexp_parser (2.6.0)
    rexml (3.2.5)
    rubocop (1.36.0)
      json (~> 2.3)
      parallel (~> 1.10)
      parser (>= 3.1.2.1)
      rainbow (>= 2.2.2, < 4.0)
      regexp_parser (>= 1.8, < 3.0)
      rexml (>= 3.2.5, < 4.0)
      rubocop-ast (>= 1.20.1, < 2.0)
      ruby-progressbar (~> 1.7)
      unicode-display_width (>= 1.4.0, < 3.0)
    rubocop-ast (1.21.0)
      parser (>= 3.1.1.0)
    rubocop-checkstyle_formatter (0.6.0)
      rubocop (>= 1.14.0)
    ruby-progressbar (1.11.0)
    ruby2_keywords (0.0.5)
    saddler (1.0.0)
      saddler-reporter-text
      thor
    saddler-reporter-support (1.0.0)
      nori
    saddler-reporter-support-git (2.0.1)
      env_branch (>= 1.0)
      git (>= 1.0, < 2.0)
      git_clone_url (>= 2.0, < 3.0)
    saddler-reporter-text (1.0.0)
    sawyer (0.9.2)
      addressable (>= 2.3.5)
      faraday (>= 0.17.3, < 3)
    thor (1.2.1)
    unicode-display_width (2.3.0)
    uri-ssh_git (2.0.0)

PLATFORMS
  arm64-darwin-21
  x86_64-linux

DEPENDENCIES
  rubocop
  rubocop-checkstyle_formatter
  saddler
  saddler-reporter-github!

BUNDLED WITH
   2.3.7
